GEM
  remote: http://rubygems.org/
  specs:
    ZenTest (4.8.1)
    autotest (4.4.6)
      ZenTest (>= 4.4.1)
    diff-lcs (1.1.3)
    rspec (2.11.0)
      rspec-core (~> 2.11.0)
      rspec-expectations (~> 2.11.0)
      rspec-mocks (~> 2.11.0)
    rspec-core (2.11.1)
    rspec-expectations (2.11.2)
      diff-lcs (~> 1.1.3)
    rspec-given (1.5.0)
      rspec (> 1.2.8)
    rspec-mocks (2.11.1)

PLATFORMS
  ruby

DEPENDENCIES
  autotest
  rspec
  rspec-given
